GEM
  remote: https://rubygems.org/
  specs:
    roman-numerals (0.3.0)

PLATFORMS
  ruby

DEPENDENCIES
  roman-numerals
